PATH
  remote: ../../
  specs:
    saas (0.0.1)
      activemerchant (>= 1.9.4)
      rails (~> 3.1.0.rc1)

PATH
  remote: ../../../devise
  specs:
    devise (1.4.0.dev)
      bcrypt-ruby (~> 2.1.2)
      orm_adapter (~> 0.0.3)
      warden (~> 1.0.3)

GEM
  remote: http://rubygems.org/
  specs:
    actionmailer (3.1.0.rc1)
      actionpack (= 3.1.0.rc1)
      mail (~> 2.3.0)
    actionpack (3.1.0.rc1)
      activemodel (= 3.1.0.rc1)
      activesupport (= 3.1.0.rc1)
      builder (~> 3.0.0)
      erubis (~> 2.7.0)
      i18n (~> 0.6)
      rack (~> 1.3.0)
      rack-cache (~> 1.0.1)
      rack-mount (~> 0.8.1)
      rack-test (~> 0.6.0)
      sprockets (~> 2.0.0.beta.8)
      tzinfo (~> 0.3.27)
    activemerchant (1.15.0)
      activesupport (>= 2.3.8)
      braintree (>= 2.0.0)
      builder (>= 2.0.0)
    activemodel (3.1.0.rc1)
      activesupport (= 3.1.0.rc1)
      bcrypt-ruby (~> 2.1.4)
      builder (~> 3.0.0)
      i18n (~> 0.6)
    activerecord (3.1.0.rc1)
      activemodel (= 3.1.0.rc1)
      activesupport (= 3.1.0.rc1)
      arel (~> 2.1.1)
      tzinfo (~> 0.3.27)
    activeresource (3.1.0.rc1)
      activemodel (= 3.1.0.rc1)
      activesupport (= 3.1.0.rc1)
    activesupport (3.1.0.rc1)
      i18n (~> 0.6)
      multi_json (~> 1.0)
    arel (2.1.1)
    bcrypt-ruby (2.1.4)
    braintree (2.10.0)
      builder
    builder (3.0.0)
    erubis (2.7.0)
    hike (1.0.0)
    i18n (0.6.0)
    mail (2.3.0)
      i18n (>= 0.4.0)
      mime-types (~> 1.16)
      treetop (~> 1.4.8)
    mime-types (1.16)
    multi_json (1.0.3)
    orm_adapter (0.0.5)
    polyglot (0.3.1)
    rack (1.3.0)
    rack-cache (1.0.2)
      rack (>= 0.4)
    rack-mount (0.8.1)
      rack (>= 1.0.0)
    rack-ssl (1.3.2)
      rack
    rack-test (0.6.0)
      rack (>= 1.0)
    rails (3.1.0.rc1)
      actionmailer (= 3.1.0.rc1)
      actionpack (= 3.1.0.rc1)
      activerecord (= 3.1.0.rc1)
      activeresource (= 3.1.0.rc1)
      activesupport (= 3.1.0.rc1)
      bundler (~> 1.0)
      railties (= 3.1.0.rc1)
    railties (3.1.0.rc1)
      actionpack (= 3.1.0.rc1)
      activesupport (= 3.1.0.rc1)
      rack-ssl (~> 1.3.2)
      rake (>= 0.8.7)
      thor (~> 0.14.6)
    rake (0.9.2)
    sprockets (2.0.0.beta.10)
      hike (~> 1.0)
      rack (~> 1.0)
      tilt (!= 1.3.0, ~> 1.1)
    sqlite3 (1.3.3)
    thor (0.14.6)
    tilt (1.3.2)
    treetop (1.4.9)
      polyglot (>= 0.3.1)
    tzinfo (0.3.27)
    warden (1.0.4)
      rack (>= 1.0)

PLATFORMS
  ruby

DEPENDENCIES
  devise!
  rails (= 3.1.0.rc1)
  saas!
  sqlite3
